GEM
  remote: https://rubygems.org/
  specs:
    eventmachine (1.0.7)
    faye-websocket (0.9.2)
      eventmachine (>= 0.12.0)
      websocket-driver (>= 0.5.1)
    puma (2.11.3)
      rack (>= 1.1, < 2.0)
    rack (1.6.0)
    websocket-driver (0.5.4)
      websocket-extensions (>= 0.1.0)
    websocket-extensions (0.1.2)

PLATFORMS
  ruby

DEPENDENCIES
  bundler
  eventmachine
  faye-websocket
  puma
